GEM
  remote: https://rubygems.org/
  specs:
    aws-sdk (2.8.1)
      aws-sdk-resources (= 2.8.1)
    aws-sdk-core (2.8.1)
      aws-sigv4 (~> 1.0)
      jmespath (~> 1.0)
    aws-sdk-resources (2.8.1)
      aws-sdk-core (= 2.8.1)
    aws-sigv4 (1.0.0)
    colored (1.2)
    configure-s3-website (2.0.0)
      aws-sdk (~> 2)
      deep_merge (~> 1.0.0)
    deep_merge (1.0.1)
    dotenv (1.0.2)
    jmespath (1.3.1)
    s3_website (3.0.0)
      colored (= 1.2)
      configure-s3-website (= 2.0.0)
      dotenv (~> 1.0)
      thor (~> 0.18)
    sass (3.4.23)
    slim (3.0.7)
      temple (~> 0.7.6)
      tilt (>= 1.3.3, < 2.1)
    temple (0.7.7)
    thor (0.19.4)
    tilt (2.0.6)

PLATFORMS
  ruby

DEPENDENCIES
  s3_website
  sass
  slim

BUNDLED WITH
   1.14.3
